PATH
  remote: .
  specs:
    html-proofer-mailto_awesome (1.0.1)
      html-proofer (~> 3.0, >= 3.15.1)

GEM
  remote: https://rubygems.org/
  specs:
    addressable (2.8.1)
      public_suffix (>= 2.0.2, < 6.0)
    diff-lcs (1.3)
    ethon (0.12.0)
      ffi (>= 1.3.0)
    ffi (1.12.2)
    html-proofer (3.15.1)
      addressable (~> 2.3)
      mercenary (~> 0.3)
      nokogumbo (~> 2.0)
      parallel (~> 1.3)
      rainbow (~> 3.0)
      typhoeus (~> 1.3)
      yell (~> 2.0)
    mercenary (0.4.0)
    mini_portile2 (2.4.0)
    nokogiri (1.10.8)
      mini_portile2 (~> 2.4.0)
    nokogumbo (2.0.2)
      nokogiri (~> 1.8, >= 1.8.4)
    parallel (1.19.1)
    public_suffix (5.0.1)
    rainbow (3.0.0)
    rake (12.3.3)
    rspec (3.8.0)
      rspec-core (~> 3.8.0)
      rspec-expectations (~> 3.8.0)
      rspec-mocks (~> 3.8.0)
    rspec-core (3.8.2)
      rspec-support (~> 3.8.0)
    rspec-expectations (3.8.4)
      diff-lcs (>= 1.2.0, < 2.0)
      rspec-support (~> 3.8.0)
    rspec-mocks (3.8.1)
      diff-lcs (>= 1.2.0, < 2.0)
      rspec-support (~> 3.8.0)
    rspec-support (3.8.2)
    timecop (0.9.1)
    typhoeus (1.3.1)
      ethon (>= 0.9.0)
    vcr (3.0.3)
    yell (2.2.2)

PLATFORMS
  ruby

DEPENDENCIES
  bundler (~> 2.0.2)
  html-proofer-mailto_awesome!
  rake (~> 12.3.1)
  rspec (~> 3.5, >= 3.5.0)
  timecop (~> 0.8, >= 0.8.1)
  vcr (~> 3.0, >= 3.0.3)

BUNDLED WITH
   2.0.2
